PATH
  remote: .
  specs:
    phonto (0.1.0)
      rmagick
      svmkit

GEM
  remote: https://rubygems.org/
  specs:
    numo-narray (0.9.1.4)
    rake (10.5.0)
    rmagick (2.16.0)
    svmkit (0.7.2)
      numo-narray (>= 0.9.1)

PLATFORMS
  ruby

DEPENDENCIES
  bundler (~> 2.0)
  phonto!
  rake (~> 10.0)

BUNDLED WITH
   2.0.1
